GEM
  remote: https://rubygems.org/
  specs:
    gosu (0.10.7)
    require_all (1.3.3)

PLATFORMS
  ruby

DEPENDENCIES
  gosu
  require_all

BUNDLED WITH
   1.12.5
